{
	"Modality": "MR",
	"MagneticFieldStrength": 3,
	"ImagingFrequency": 123.253,
	"Manufacturer": "Siemens",
	"ManufacturersModelName": "Prisma_fit",
	"InstitutionName": "UCSB Brain Imaging Center",
	"InstitutionalDepartmentName": "Psych Department",
	"InstitutionAddress": "UCEN Rd 551   Bldg 251,Isla Vista,Los Angeles,US,93117",
	"DeviceSerialNumber": "67022",
	"StationName": "MRC35273",
	"BodyPartExamined": "BRAIN",
	"PatientPosition": "HFS",
	"ProcedureStepDescription": "Grafton^Babenko",
	"SoftwareVersions": "syngo MR E11",
	"MRAcquisitionType": "2D",
	"SeriesDescription": "jm_QTI_spherical_rep_2_dir_3_b0",
	"ProtocolName": "jm_QTI_spherical_rep_2_dir_3_b0",
	"ScanningSequence": "EP",
	"SequenceVariant": "SS",
	"ScanOptions": "PFP\\FS",
	"SequenceName": "epi2d1",
	"ImageType": ["ORIGINAL", "PRIMARY", "M", "ND", "NORM"],
	"SeriesNumber": 14,
	"AcquisitionTime": "12:39:14.625000",
	"AcquisitionNumber": 1,
	"FrameTimesStart": [
		0,
		6.3075	],
	"SliceThickness": 4,
	"SpacingBetweenSlices": 4,
	"SAR": 0.0810028,
	"EchoTime": 0.08,
	"RepetitionTime": 25.2425,
	"RepetitionTimeExcitation": 6.308,
	"FlipAngle": 90,
	"PartialFourier": 0.75,
	"BaseResolution": 114,
	"ShimSetting": [
		-4142,
		1329,
		-5929,
		394,
		32,
		-193,
		-1,
		-3	],
	"TxRefAmp": 207.872,
	"PhaseResolution": 1,
	"ReceiveCoilName": "HeadNeck_64",
	"ReceiveCoilActiveElements": "HC1-7",
	"PulseSequenceDetails": "%CustomerSeq%\\jm_QTI",
	"RefLinesPE": 24,
	"ConsistencyInfo": "N4_VE11C_LATEST_20160120",
	"PercentPhaseFOV": 100,
	"PercentSampling": 100,
	"EchoTrainLength": 43,
	"PhaseEncodingSteps": 86,
	"AcquisitionMatrixPE": 114,
	"ReconMatrixPE": 114,
	"BandwidthPerPixelPhaseEncode": 25.063,
	"ParallelReductionFactorInPlane": 2,
	"EffectiveEchoSpacing": 0.000349995,
	"DerivedVendorReportedEchoSpacing": 0.00069999,
	"TotalReadoutTime": 0.0395495,
	"PixelBandwidth": 1625,
	"DwellTime": 2.7e-06,
	"PhaseEncodingDirection": "j-",
	"SliceTiming": [
		3.15625,
		0,
		3.32031,
		0.17188,
		3.49219,
		0.33594,
		3.65625,
		0.5,
		3.82031,
		0.66406,
		3.98438,
		0.82812,
		4.14844,
		1,
		4.32031,
		1.16406,
		4.48438,
		1.32812,
		4.64844,
		1.5,
		4.8125,
		1.66406,
		4.98438,
		1.82812,
		5.14844,
		1.99219,
		5.3125,
		2.16406,
		5.48438,
		2.32812,
		5.64844,
		2.49219,
		5.8125,
		2.65625,
		5.97656,
		2.82031,
		6.14062,
		2.99219	],
	"ImageOrientationPatientDICOM": [
		1,
		0,
		0,
		0,
		1,
		0	],
	"InPlanePhaseEncodingDirectionDICOM": "COL",
	"ConversionSoftware": "dcm2niix",
	"ConversionSoftwareVersion": "v1.0.20210317"
}
