{
	"Modality": "MR",
	"MagneticFieldStrength": 3,
	"ImagingFrequency": 123.254,
	"Manufacturer": "Siemens",
	"ManufacturersModelName": "Prisma_fit",
	"InstitutionName": "UCSB_Brain_Imaging_Center",
	"InstitutionalDepartmentName": "Psych_Department",
	"InstitutionAddress": "UCEN_Rd_551_Bldg_251_Isla_Vista_Los_Angeles_US_93117",
	"DeviceSerialNumber": "67022",
	"StationName": "MRC35273",
	"BodyPartExamined": "BRAIN",
	"PatientPosition": "HFS",
	"ProcedureStepDescription": "Grafton_Babenko",
	"SoftwareVersions": "syngo_MR_E11",
	"MRAcquisitionType": "2D",
	"SeriesDescription": "jm_QTI_linear_dir_30_b2000",
	"ProtocolName": "jm_QTI_linear_dir_30_b2000",
	"ScanningSequence": "EP",
	"SequenceVariant": "SS",
	"ScanOptions": "PFP_FS",
	"SequenceName": "epi2d1",
	"ImageType": ["ORIGINAL", "PRIMARY", "M", "ND", "NORM"],
	"SeriesNumber": 13,
	"AcquisitionTime": "12:45:12.385000",
	"AcquisitionNumber": 1,
	"SliceThickness": 4,
	"SpacingBetweenSlices": 4,
	"SAR": 0.0867384,
	"EchoTime": 0.08,
	"RepetitionTime": 6.308,
	"FlipAngle": 90,
	"PartialFourier": 0.75,
	"BaseResolution": 114,
	"ShimSetting": [
		-4162,
		1316,
		-5893,
		389,
		-97,
		-100,
		42,
		-36	],
	"TxRefAmp": 212.159,
	"PhaseResolution": 1,
	"ReceiveCoilName": "HeadNeck_64",
	"ReceiveCoilActiveElements": "HC1-7",
	"PulseSequenceDetails": "%CustomerSeq%_jm_QTI",
	"ConsistencyInfo": "N4_VE11C_LATEST_20160120",
	"PercentPhaseFOV": 100,
	"EchoTrainLength": 43,
	"PhaseEncodingSteps": 86,
	"AcquisitionMatrixPE": 114,
	"ReconMatrixPE": 114,
	"BandwidthPerPixelPhaseEncode": 25.063,
	"ParallelReductionFactorInPlane": 2,
	"EffectiveEchoSpacing": 0.000349995,
	"DerivedVendorReportedEchoSpacing": 0.00069999,
	"TotalReadoutTime": 0.0395495,
	"PixelBandwidth": 1625,
	"DwellTime": 2.7e-06,
	"PhaseEncodingDirection": "j-",
	"ImageOrientationPatientDICOM": [
		1,
		0,
		0,
		0,
		1,
		0	],
	"InPlanePhaseEncodingDirectionDICOM": "COL",
	"ConversionSoftware": "dcm2niix",
	"ConversionSoftwareVersion": "v1.0.20181125  (JP2:OpenJPEG) (JP-LS:CharLS) GCC5.5.0"
}
